GEM
  remote: https://rubygems.org/
  specs:
    diff-lcs (1.5.1)
    mysql2 (0.5.6)
    rspec-core (3.13.0)
      rspec-support (~> 3.13.0)
    rspec-expectations (3.13.0)
      diff-lcs (>= 1.2.0, < 2.0)
      rspec-support (~> 3.13.0)
    rspec-mocks (3.13.0)
      diff-lcs (>= 1.2.0, < 2.0)
      rspec-support (~> 3.13.0)
    rspec-support (3.13.1)

PLATFORMS
  ruby
  x86_64-linux

DEPENDENCIES
  mysql2
  rspec-core (~> 3.13)
  rspec-expectations (~> 3.13)
  rspec-mocks (~> 3.13)

BUNDLED WITH
   2.5.6
